GEM
  remote: https://rubygems.org/
  specs:
    irb (1.0.0)

PLATFORMS
  ruby

DEPENDENCIES
  irb

BUNDLED WITH
   2.0.1
